GIT
  remote: git://github.com/r3dy/ruby-thread.git
  revision: 439535cc294ee2a8db2ef8888b7751ff4a1fe9ef
  specs:
    ruby-thread (0.1.3)

GEM
  remote: https://rubygems.org/
  specs:
    coderay (1.1.0)
    method_source (0.8.2)
    mini_portile (0.6.2)
    nokogiri (1.6.6.2)
      mini_portile (~> 0.6.0)
    pry (0.10.1)
      coderay (~> 1.1.0)
      method_source (~> 0.8.1)
      slop (~> 3.4)
    slop (3.6.0)
    wkhtmltoimage-binary (0.12.2)

PLATFORMS
  ruby

DEPENDENCIES
  nokogiri
  pry
  ruby-thread!
  wkhtmltoimage-binary
